PATH
  remote: .
  specs:
    beekeeper-api (0.1.0)
      api-auth
      json
      rest-client

GEM
  remote: https://rubygems.org/
  specs:
    api-auth (1.5.0)
    domain_name (0.5.20160128)
      unf (>= 0.0.5, < 1.0.0)
    http-cookie (1.0.2)
      domain_name (~> 0.5)
    json (1.8.3)
    mime-types (2.99)
    minitest (5.8.4)
    netrc (0.11.0)
    rake (10.5.0)
    rest-client (1.8.0)
      http-cookie (>= 1.0.2, < 2.0)
      mime-types (>= 1.16, < 3.0)
      netrc (~> 0.7)
    unf (0.1.4)
      unf_ext
    unf_ext (0.0.7.2)

PLATFORMS
  ruby

DEPENDENCIES
  beekeeper-api!
  bundler (~> 1.11)
  minitest (~> 5.0)
  rake (~> 10.0)

BUNDLED WITH
   1.11.2
